GEM
  remote: https://rubygems.org/
  specs:
    ruby2d (0.9.4)

PLATFORMS
  ruby

DEPENDENCIES
  ruby2d

RUBY VERSION
   ruby 2.6.3p62

BUNDLED WITH
   2.1.2
